GEM
  remote: http://rubygems.org/
  specs:
    diff-lcs (1.1.3)
    rake (0.9.2.2)
    rcov (0.9.11)
    rspec (2.7.0)
      rspec-core (~> 2.7.0)
      rspec-expectations (~> 2.7.0)
      rspec-mocks (~> 2.7.0)
    rspec-core (2.7.1)
    rspec-expectations (2.7.0)
      diff-lcs (~> 1.1.2)
    rspec-mocks (2.7.0)

PLATFORMS
  ruby

DEPENDENCIES
  rake
  rcov
  rspec (>= 2)
